GEM
  remote: https://rubygems.org/
  specs:
    minitest (5.22.2)

PLATFORMS
  arm64-darwin-21
  ruby

DEPENDENCIES
  minitest

BUNDLED WITH
   2.5.5
